GEM
  specs:
    redis (3.3.1)

PLATFORMS
  ruby

DEPENDENCIES
  redis

BUNDLED WITH
   1.13.2
